GEM
  remote: https://rubygems.org/
  specs:
    activemodel (6.1.7.5)
      activesupport (= 6.1.7.5)
    activesupport (6.1.7.5)
      concurrent-ruby (~> 1.0, >= 1.0.2)
      i18n (>= 1.6, < 2)
      minitest (>= 5.1)
      tzinfo (~> 2.0)
      zeitwerk (~> 2.3)
    base64 (0.2.0)
    bcrypt_pbkdf (1.1.1)
    beaker (6.5.0)
      bcrypt_pbkdf (>= 1.0, < 2.0)
      beaker-hostgenerator (~> 2.0)
      ed25519 (>= 1.2, < 2.0)
      hocon (~> 1.0)
      in-parallel (>= 0.1, < 2.0)
      inifile (~> 3.0)
      minitar (>= 0.12, < 2)
      minitest (~> 5.4)
      net-scp (>= 1.2, < 5.0)
      net-ssh (~> 7.1)
      rexml (~> 3.2, >= 3.2.5)
      rsync (~> 1.0.9)
      stringify-hash (~> 0.0)
      thor (>= 1.0.1, < 2.0)
    beaker-hostgenerator (2.22.0)
      deep_merge (~> 1.0)
    beaker-rspec (8.2.0)
      beaker (>= 4.0, < 7)
      rspec (~> 3.0)
      serverspec (~> 2)
      specinfra (~> 2)
    concurrent-ruby (1.3.5)
    deep_merge (1.2.2)
    diff-lcs (1.2.5)
    docile (1.1.5)
    domain_name (0.5.24)
      unf (>= 0.0.5, < 1.0.0)
    ed25519 (1.3.0)
    facter (2.5.7)
    faraday (0.9.1)
      multipart-post (>= 1.2, < 3)
    fast_gettext (1.8.0)
    her (0.6.8)
      activemodel (>= 3.0.0)
      activesupport (>= 3.0.0)
      faraday (~> 0.8)
      multi_json (~> 1.7)
    hiera (3.12.0)
    hocon (1.4.0)
    http-cookie (1.0.2)
      domain_name (~> 0.5)
    httpclient (2.9.0)
      mutex_m
    i18n (1.14.7)
      concurrent-ruby (~> 1.0)
    in-parallel (0.1.17)
    inifile (3.0.0)
    json (2.3.0)
    librarian-puppet (2.2.1)
      librarianp (>= 0.6.3)
      puppet_forge (~> 1.0)
      rsync
    librarianp (1.1.2)
      thor (~> 1.0)
    locale (2.1.4)
    metaclass (0.0.4)
    mime-types (2.99.3)
    minitar (1.0.2)
    minitest (5.25.5)
    mocha (1.1.0)
      metaclass (~> 0.0.1)
    multi_json (1.11.2)
    multipart-post (2.0.0)
    mutex_m (0.3.0)
    net-scp (1.2.1)
      net-ssh (>= 2.6.5)
    net-ssh (7.3.0)
    net-telnet (0.1.1)
    netrc (0.10.3)
    puppet (6.25.1)
      concurrent-ruby (~> 1.0)
      deep_merge (~> 1.0)
      facter (> 2.0.1, < 5)
      fast_gettext (~> 1.1)
      hiera (>= 3.2.1, < 4)
      httpclient (~> 2.8)
      locale (~> 2.1)
      multi_json (~> 1.10)
      puppet-resource_api (~> 1.5)
      semantic_puppet (~> 1.0)
    puppet-blacksmith (3.3.1)
      puppet (>= 2.7.16)
      rest-client
    puppet-lint (1.1.0)
    puppet-resource_api (1.9.0)
      hocon (>= 1.0)
    puppet-syntax (2.0.0)
      rake
    puppet_forge (1.0.5)
      her (~> 0.6.8)
    puppetlabs_spec_helper (0.10.3)
      mocha
      puppet-lint
      puppet-syntax
      rake
      rspec-puppet
    rake (12.3.3)
    rest-client (1.8.0)
      http-cookie (>= 1.0.2, < 2.0)
      mime-types (>= 1.16, < 3.0)
      netrc (~> 0.7)
    rexml (3.4.2)
    rspec (3.3.0)
      rspec-core (~> 3.3.0)
      rspec-expectations (~> 3.3.0)
      rspec-mocks (~> 3.3.0)
    rspec-core (3.3.2)
      rspec-support (~> 3.3.0)
    rspec-expectations (3.3.1)
      diff-lcs (>= 1.2.0, < 2.0)
      rspec-support (~> 3.3.0)
    rspec-its (1.2.0)
      rspec-core (>= 3.0.0)
      rspec-expectations (>= 3.0.0)
    rspec-mocks (3.3.2)
      diff-lcs (>= 1.2.0, < 2.0)
      rspec-support (~> 3.3.0)
    rspec-puppet (2.2.0)
      rspec
    rspec-support (3.3.0)
    rsync (1.0.9)
    semantic_puppet (1.1.1)
    serverspec (2.24.0)
      multi_json
      rspec (~> 3.0)
      rspec-its
      specinfra (~> 2.43)
    sfl (2.2)
    simplecov (0.17.1)
      docile (~> 1.1)
      json (>= 1.8, < 3)
      simplecov-html (~> 0.10.0)
    simplecov-html (0.10.0)
    specinfra (2.92.0)
      base64
      net-scp
      net-ssh (>= 2.7)
      net-telnet
      sfl
    stringify-hash (0.0.2)
    thor (1.4.0)
    tzinfo (2.0.6)
      concurrent-ruby (~> 1.0)
    unf (0.1.4)
      unf_ext
    unf_ext (0.0.7.1)
    zeitwerk (2.7.2)

PLATFORMS
  ruby

DEPENDENCIES
  beaker-rspec (>= 3.0.0)
  librarian-puppet (>= 2.0.0)
  puppet (>= 2.7)
  puppet-blacksmith (>= 3.3.0)
  puppet-lint (>= 1.1.0)
  puppetlabs_spec_helper (>= 0.8.0)
  rake
  rspec-puppet (>= 1.0.0)
  simplecov
